PATH
  remote: .
  specs:
    rspec-steps (0.0.8)
      rspec (>= 2.6)

GEM
  remote: http://lrdesign:quiS6Nef@gems.lrdesign.com/
  remote: http://gemcutter.org/
  remote: http://gems.github.com/
  specs:
    diff-lcs (1.1.3)
    mailfactory (1.4.0)
      mime-types (>= 1.13.1)
    mime-types (1.19)
    rake (10.0.2)
    rake-rubygems (0.2.0)
      rake (>= 0.8.7)
    rcov (1.0.0)
    rspec (2.12.0)
      rspec-core (~> 2.12.0)
      rspec-expectations (~> 2.12.0)
      rspec-mocks (~> 2.12.0)
    rspec-core (2.12.1)
    rspec-expectations (2.12.0)
      diff-lcs (~> 1.1.3)
    rspec-mocks (2.12.0)

PLATFORMS
  ruby

DEPENDENCIES
  bundler (>= 1.0.0)
  mailfactory (~> 1.4.0)
  rake-rubygems (>= 0.2.0)
  rcov
  rspec (>= 2.8)
  rspec-steps!
